GEM
  remote: https://rubygems.org/
  specs:
    diff-lcs (1.2.5)
    rack (2.0.1)
    rack-test (0.6.3)
      rack (>= 1.0)
    rack-unreloader (1.5.0)
    rake (11.3.0)
    roda (2.18.0)
      rack
    rspec (3.5.0)
      rspec-core (~> 3.5.0)
      rspec-expectations (~> 3.5.0)
      rspec-mocks (~> 3.5.0)
    rspec-core (3.5.4)
      rspec-support (~> 3.5.0)
    rspec-expectations (3.5.0)
      diff-lcs (>= 1.2.0, < 2.0)
      rspec-support (~> 3.5.0)
    rspec-mocks (3.5.0)
      diff-lcs (>= 1.2.0, < 2.0)
      rspec-support (~> 3.5.0)
    rspec-support (3.5.0)
    slim (3.0.7)
      temple (~> 0.7.6)
      tilt (>= 1.3.3, < 2.1)
    temple (0.7.7)
    tilt (2.0.5)

PLATFORMS
  ruby

DEPENDENCIES
  rack
  rack-test
  rack-unreloader
  rake
  roda
  rspec (~> 3.5)
  slim
  tilt

RUBY VERSION
   ruby 2.3.1p112

BUNDLED WITH
   1.12.5
